GIT
  remote: git://github.com/sporkrb/spork-rails.git
  revision: 0dd45e59d3237b4c8f9efc215b46d9c07072a95e
  specs:
    spork-rails (4.0.0)
      rails (>= 3.0.0, < 5)
      spork (>= 1.0rc0)

GEM
  remote: https://rubygems.org/
  specs:
    actionmailer (4.0.0)
      actionpack (= 4.0.0)
      mail (~> 2.5.3)
    actionpack (4.0.0)
      activesupport (= 4.0.0)
      builder (~> 3.1.0)
      erubis (~> 2.7.0)
      rack (~> 1.5.2)
      rack-test (~> 0.6.2)
    activemodel (4.0.0)
      activesupport (= 4.0.0)
      builder (~> 3.1.0)
    activerecord (4.0.0)
      activemodel (= 4.0.0)
      activerecord-deprecated_finders (~> 1.0.2)
      activesupport (= 4.0.0)
      arel (~> 4.0.0)
    activerecord-deprecated_finders (1.0.3)
    activesupport (4.0.0)
      i18n (~> 0.6, >= 0.6.4)
      minitest (~> 4.2)
      multi_json (~> 1.3)
      thread_safe (~> 0.1)
      tzinfo (~> 0.3.37)
    annotate (2.5.0)
      rake
    arel (4.0.0)
    atomic (1.1.14)
    bcrypt-ruby (3.0.1)
    better_errors (1.0.1)
      coderay (>= 1.0.0)
      erubis (>= 2.6.6)
    binding_of_caller (0.7.2)
      debug_inspector (>= 0.0.1)
    bootstrap-sass (2.3.2.0)
      sass (~> 3.2)
    bootstrap-will_paginate (0.0.9)
      will_paginate
    builder (3.1.4)
    callsite (0.0.11)
    capistrano (2.15.5)
      highline
      net-scp (>= 1.0.0)
      net-sftp (>= 2.0.0)
      net-ssh (>= 2.0.14)
      net-ssh-gateway (>= 1.1.0)
    capybara (2.1.0)
      mime-types (>= 1.16)
      nokogiri (>= 1.3.3)
      rack (>= 1.0.0)
      rack-test (>= 0.5.4)
      xpath (~> 2.0)
    celluloid (0.15.2)
      timers (~> 1.1.0)
    childprocess (0.3.9)
      ffi (~> 1.0, >= 1.0.11)
    choice (0.1.6)
    climate_control (0.0.3)
      activesupport (>= 3.0)
    cocaine (0.5.2)
      climate_control (>= 0.0.3, < 1.0)
    coderay (1.1.0)
    coffee-rails (4.0.0)
      coffee-script (>= 2.2.0)
      railties (>= 4.0.0.beta, < 5.0)
    coffee-script (2.2.0)
      coffee-script-source
      execjs
    coffee-script-source (1.6.3)
    debug_inspector (0.0.2)
    diff-lcs (1.2.4)
    erubis (2.7.0)
    execjs (2.0.2)
    factory_girl (4.2.0)
      activesupport (>= 3.0.0)
    factory_girl_rails (4.2.1)
      factory_girl (~> 4.2.0)
      railties (>= 3.0.0)
    faker (1.1.2)
      i18n (~> 0.5)
    ffi (1.9.0)
    figaro (0.7.0)
      bundler (~> 1.0)
      rails (>= 3, < 5)
    font-awesome-rails (3.2.1.3)
      railties (>= 3.2, < 5.0)
    guard (1.4.0)
      listen (>= 0.4.2)
      thor (>= 0.14.6)
    guard-rspec (2.5.0)
      guard (>= 1.1)
      rspec (~> 2.11)
    guard-spork (1.5.1)
      childprocess (>= 0.2.3)
      guard (>= 1.1)
      spork (>= 0.8.4)
    highline (1.6.19)
    hike (1.2.3)
    i18n (0.6.5)
    jbuilder (1.0.2)
      activesupport (>= 3.0.0)
    jquery-rails (2.2.1)
      railties (>= 3.0, < 5.0)
      thor (>= 0.14, < 2.0)
    jquery-ui-rails (4.0.5)
      railties (>= 3.1.0)
    json (1.8.0)
    libv8 (3.16.14.3)
    listen (2.0.0)
      celluloid (>= 0.15.1)
      rb-fsevent (>= 0.9.3)
      rb-inotify (>= 0.9)
    mail (2.5.4)
      mime-types (~> 1.16)
      treetop (~> 1.4.8)
    meta_request (0.2.8)
      callsite
      rack-contrib
      railties
    mime-types (1.25)
    mini_portile (0.5.1)
    minitest (4.7.5)
    multi_json (1.8.1)
    net-ldap (0.3.1)
    net-scp (1.1.2)
      net-ssh (>= 2.6.5)
    net-sftp (2.1.2)
      net-ssh (>= 2.6.5)
    net-ssh (2.7.0)
    net-ssh-gateway (1.2.0)
      net-ssh (>= 2.6.5)
    nokogiri (1.6.0)
      mini_portile (~> 0.5.0)
    paperclip (3.5.1)
      activemodel (>= 3.0.0)
      activesupport (>= 3.0.0)
      cocaine (~> 0.5.0)
      mime-types
    pg (0.15.1)
    polyglot (0.3.3)
    rack (1.5.2)
    rack-contrib (1.1.0)
      rack (>= 0.9.1)
    rack-test (0.6.2)
      rack (>= 1.0)
    rails (4.0.0)
      actionmailer (= 4.0.0)
      actionpack (= 4.0.0)
      activerecord (= 4.0.0)
      activesupport (= 4.0.0)
      bundler (>= 1.3.0, < 2.0)
      railties (= 4.0.0)
      sprockets-rails (~> 2.0.0)
    rails-erd (1.1.0)
      activerecord (>= 3.0)
      activesupport (>= 3.0)
      choice (~> 0.1.6)
      ruby-graphviz (~> 1.0.4)
    rails_12factor (0.0.2)
      rails_serve_static_assets
      rails_stdout_logging
    rails_serve_static_assets (0.0.1)
    rails_stdout_logging (0.0.2)
    railties (4.0.0)
      actionpack (= 4.0.0)
      activesupport (= 4.0.0)
      rake (>= 0.8.7)
      thor (>= 0.18.1, < 2.0)
    rake (10.1.0)
    rb-fsevent (0.9.3)
    rb-inotify (0.9.2)
      ffi (>= 0.5.0)
    rdoc (3.12.2)
      json (~> 1.4)
    ref (1.0.5)
    roo (1.12.2)
      nokogiri
      rubyzip
      spreadsheet (> 0.6.4)
    rspec (2.13.0)
      rspec-core (~> 2.13.0)
      rspec-expectations (~> 2.13.0)
      rspec-mocks (~> 2.13.0)
    rspec-core (2.13.1)
    rspec-expectations (2.13.0)
      diff-lcs (>= 1.1.3, < 2.0)
    rspec-mocks (2.13.1)
    rspec-rails (2.13.2)
      actionpack (>= 3.0)
      activesupport (>= 3.0)
      railties (>= 3.0)
      rspec-core (~> 2.13.0)
      rspec-expectations (~> 2.13.0)
      rspec-mocks (~> 2.13.0)
    ruby-graphviz (1.0.9)
    ruby-ole (1.2.11.7)
    rubyzip (0.9.9)
    rvm-capistrano (1.5.0)
      capistrano (>= 2.15.4)
    sass (3.2.12)
    sass-rails (4.0.0)
      railties (>= 4.0.0.beta, < 5.0)
      sass (>= 3.1.10)
      sprockets-rails (~> 2.0.0)
    sdoc (0.3.20)
      json (>= 1.1.3)
      rdoc (~> 3.10)
    selenium-webdriver (2.35.1)
      childprocess (>= 0.2.5)
      multi_json (~> 1.0)
      rubyzip (< 1.0.0)
      websocket (~> 1.0.4)
    shoulda-matchers (2.4.0)
      activesupport (>= 3.0.0)
    spork (1.0.0rc4)
    spreadsheet (0.9.0)
      ruby-ole (>= 1.0)
    sprockets (2.10.0)
      hike (~> 1.2)
      multi_json (~> 1.0)
      rack (~> 1.0)
      tilt (~> 1.1, != 1.3.0)
    sprockets-rails (2.0.0)
      actionpack (>= 3.0)
      activesupport (>= 3.0)
      sprockets (~> 2.8)
    therubyracer (0.12.0)
      libv8 (~> 3.16.14.0)
      ref
    thor (0.18.1)
    thread_safe (0.1.3)
      atomic
    tilt (1.4.1)
    timers (1.1.0)
    treetop (1.4.15)
      polyglot
      polyglot (>= 0.3.1)
    turbolinks (1.1.1)
      coffee-rails
    tzinfo (0.3.37)
    uglifier (2.1.1)
      execjs (>= 0.3.0)
      multi_json (~> 1.0, >= 1.0.2)
    websocket (1.0.7)
    will_paginate (3.0.4)
    xpath (2.0.0)
      nokogiri (~> 1.3)

PLATFORMS
  ruby

DEPENDENCIES
  annotate (>= 2.5.0)
  bcrypt-ruby (~> 3.0.0)
  better_errors
  binding_of_caller
  bootstrap-sass (= 2.3.2.0)
  bootstrap-will_paginate (= 0.0.9)
  capistrano
  capybara (= 2.1.0)
  childprocess (= 0.3.9)
  coffee-rails (= 4.0.0)
  factory_girl_rails (= 4.2.1)
  faker (= 1.1.2)
  figaro
  font-awesome-rails
  guard-rspec (= 2.5.0)
  guard-spork (= 1.5.1)
  jbuilder (= 1.0.2)
  jquery-rails (= 2.2.1)
  jquery-ui-rails
  meta_request
  net-ldap (= 0.3.1)
  paperclip (~> 3.0)
  pg (= 0.15.1)
  rails (= 4.0.0)
  rails-erd
  rails_12factor
  roo
  rspec-rails (= 2.13.2)
  rvm-capistrano
  sass-rails (= 4.0.0)
  sdoc (= 0.3.20)
  selenium-webdriver (~> 2.35.1)
  shoulda-matchers
  spork-rails!
  therubyracer
  turbolinks (= 1.1.1)
  uglifier (= 2.1.1)
  will_paginate (= 3.0.4)
